STORAGE: NONE
RESTRICTION: == net6.0
NUGET
  remote: https://api.nuget.org/v3/index.json
    Lib.AspNetCore.ServerSentEvents (8.1)
    Microsoft.Extensions.ApiDescription.Server (6.0.7)
    Microsoft.OpenApi (1.3.2)
    Swashbuckle.AspNetCore (6.4)
      Microsoft.Extensions.ApiDescription.Server (>= 6.0.5)
      Swashbuckle.AspNetCore.Swagger (>= 6.4)
      Swashbuckle.AspNetCore.SwaggerGen (>= 6.4)
      Swashbuckle.AspNetCore.SwaggerUI (>= 6.4)
    Swashbuckle.AspNetCore.Swagger (6.4)
      Microsoft.OpenApi (>= 1.2.3)
    Swashbuckle.AspNetCore.SwaggerGen (6.4)
      Swashbuckle.AspNetCore.Swagger (>= 6.4)
    Swashbuckle.AspNetCore.SwaggerUI (6.4)
