STORAGE: NONE
RESTRICTION: == net7.0
NUGET
  remote: https://api.nuget.org/v3/index.json
    FastEndpoints (5.6)
      FastEndpoints.Attributes (>= 5.6)
      FluentValidation (>= 11.4)
    FastEndpoints.Attributes (5.6)
    FastEndpoints.Swagger (5.6)
      FastEndpoints (>= 5.6)
      NSwag.AspNetCore (>= 13.18)
    FluentValidation (11.4)
    Microsoft.CSharp (4.7)
    Microsoft.Extensions.ApiDescription.Server (7.0.2)
    Microsoft.Extensions.DependencyInjection.Abstractions (7.0)
    Microsoft.Extensions.FileProviders.Abstractions (7.0)
      Microsoft.Extensions.Primitives (>= 7.0)
    Microsoft.Extensions.FileProviders.Embedded (7.0.2)
      Microsoft.Extensions.FileProviders.Abstractions (>= 7.0)
    Microsoft.Extensions.Options (7.0)
      Microsoft.Extensions.DependencyInjection.Abstractions (>= 7.0)
      Microsoft.Extensions.Primitives (>= 7.0)
    Microsoft.Extensions.Primitives (7.0)
    Namotion.Reflection (2.1.1)
      Microsoft.CSharp (>= 4.3)
    Newtonsoft.Json (13.0.2)
    NJsonSchema (10.8)
      Namotion.Reflection (>= 2.1)
      Newtonsoft.Json (>= 9.0.1)
    NJsonSchema.Yaml (10.8)
      Microsoft.CSharp (>= 4.4.1)
      NJsonSchema (>= 10.8)
      YamlDotNet (>= 11.2.1)
    NSwag.Annotations (13.18.2)
    NSwag.AspNetCore (13.18.2)
      Microsoft.Extensions.ApiDescription.Server (>= 6.0.3)
      Microsoft.Extensions.FileProviders.Embedded (>= 7.0 < 8.0)
      NSwag.Annotations (>= 13.18.2)
      NSwag.Core (>= 13.18.2)
      NSwag.Core.Yaml (>= 13.18.2)
      NSwag.Generation (>= 13.18.2)
      NSwag.Generation.AspNetCore (>= 13.18.2)
    NSwag.Core (13.18.2)
      Newtonsoft.Json (>= 10.0.1)
      NJsonSchema (>= 10.8)
    NSwag.Core.Yaml (13.18.2)
      NJsonSchema.Yaml (>= 10.8)
      NSwag.Core (>= 13.18.2)
      YamlDotNet (>= 11.2.1)
    NSwag.Generation (13.18.2)
      Newtonsoft.Json (>= 10.0.1)
      NJsonSchema (>= 10.8)
      NSwag.Core (>= 13.18.2)
    NSwag.Generation.AspNetCore (13.18.2)
      Microsoft.Extensions.DependencyInjection.Abstractions (>= 7.0 < 8.0)
      Microsoft.Extensions.Options (>= 7.0 < 8.0)
      NSwag.Generation (>= 13.18.2)
    YamlDotNet (12.3.1)
